GEM
  remote: https://rubygems.org/
  specs:
    kgio (2.10.0)
    rack (1.6.4)
    raindrops (0.17.0)
    sinatra (1.1.0)
      rack (~> 1.1)
      tilt (~> 1.1)
    tilt (1.4.1)
    unicorn (5.1.0)
      kgio (~> 2.6)
      raindrops (~> 0.7)

PLATFORMS
  ruby

DEPENDENCIES
  sinatra
  unicorn

BUNDLED WITH
   1.13.1
